GEM
  remote: https://rubygems.org/
  specs:
    byebug (11.1.3)

PLATFORMS
  x86_64-darwin-20

DEPENDENCIES
  byebug

RUBY VERSION
   ruby 2.7.2p137

BUNDLED WITH
   2.2.6
